PATH
  remote: .
  specs:
    bwoken (2.1.0.rc.2)
      coffee-script-source
      colorful
      execjs
      json_pure
      nokogiri
      rake
      slop (~> 3.6.0)

GEM
  remote: https://rubygems.org/
  specs:
    coffee-script-source (1.9.1)
    colorful (0.0.3)
    diff-lcs (1.2.1)
    execjs (2.3.0)
    ffi (1.0.11)
    guard (1.0.1)
      ffi (>= 0.5.0)
      thor (~> 0.14.6)
    guard-rspec (0.6.0)
      guard (>= 0.10.0)
    json_pure (1.8.2)
    mini_portile (0.6.2)
    nokogiri (1.6.5)
      mini_portile (~> 0.6.0)
    rake (10.4.2)
    rspec (2.13.0)
      rspec-core (~> 2.13.0)
      rspec-expectations (~> 2.13.0)
      rspec-mocks (~> 2.13.0)
    rspec-core (2.13.0)
    rspec-expectations (2.13.0)
      diff-lcs (>= 1.1.3, < 2.0)
    rspec-mocks (2.13.0)
    slop (3.6.0)
    thor (0.14.6)

PLATFORMS
  ruby

DEPENDENCIES
  bwoken!
  guard-rspec
  rspec
